GEM
  remote: https://rubygems.org/
  specs:
    et-orbi (1.1.2)
      tzinfo
    fugit (1.1.3)
      et-orbi (~> 1.1, >= 1.1.1)
      raabro (~> 1.1)
    httparty (0.16.0)
      multi_xml (>= 0.5.2)
    multi_xml (0.6.0)
    raabro (1.1.6)
    rufus-scheduler (3.5.0)
      fugit (~> 1.1, >= 1.1.1)
    thread_safe (0.3.6)
    tzinfo (1.2.5)
      thread_safe (~> 0.1)
    tzinfo-data (1.2018.5)
      tzinfo (>= 1.0.0)

PLATFORMS
  ruby

DEPENDENCIES
  httparty
  rufus-scheduler
  tzinfo-data

BUNDLED WITH
   1.16.0
